PATH
  remote: .
  specs:
    fun_translations (0.0.1)
      faraday (~> 2.6)
      zeitwerk (~> 2.4)

GEM
  remote: http://rubygems.org/
  specs:
    faraday (2.6.0)
      faraday-net_http (>= 2.0, < 3.1)
      ruby2_keywords (>= 0.0.4)
    faraday-net_http (3.0.1)
    ruby2_keywords (0.0.5)
    zeitwerk (2.6.1)

PLATFORMS
  x64-mingw-ucrt

DEPENDENCIES
  fun_translations!

BUNDLED WITH
   2.3.24
